{
    "TaskName": "IG",
    "Manufacturer": "BrainProducts",
    "PowerLineFrequency": 50.0,
    "SamplingFrequency": 10000.0,
    "SoftwareFilters": "n/a",
    "RecordingDuration": 890.2399,
    "RecordingType": "continuous",
    "EEGReference": "n/a",
    "EEGGround": "n/a",
    "EEGPlacementScheme": "based on the extended 10/20 system",
    "EEGChannelCount": 59,
    "EOGChannelCount": 4,
    "ECGChannelCount": 0,
    "EMGChannelCount": 0,
    "MiscChannelCount": 1,
    "TriggerChannelCount": 0
}
